GIT
  remote: git://github.com/activeadmin/activeadmin.git
  revision: e5ce49a62751a4a69c3f84058d398ce0fb78eb76
  specs:
    activeadmin (1.0.0.pre1)
      arbre (~> 1.0, >= 1.0.2)
      bourbon
      coffee-rails
      formtastic (~> 3.1)
      formtastic_i18n
      inherited_resources (~> 1.6)
      jquery-rails
      jquery-ui-rails (~> 5.0)
      kaminari (~> 0.15)
      rails (>= 3.2, < 5.0)
      ransack (~> 1.3)
      sass-rails

GEM
  remote: https://rubygems.org/
  specs:
    RedCloth (4.3.2)
    actionmailer (4.1.16)
      actionpack (= 4.1.16)
      actionview (= 4.1.16)
      mail (~> 2.5, >= 2.5.4)
    actionpack (4.1.16)
      actionview (= 4.1.16)
      activesupport (= 4.1.16)
      rack (~> 1.5.2)
      rack-test (~> 0.6.2)
    actionview (4.1.16)
      activesupport (= 4.1.16)
      builder (~> 3.1)
      erubis (~> 2.7.0)
    activemodel (4.1.16)
      activesupport (= 4.1.16)
      builder (~> 3.1)
    activerecord (4.1.16)
      activemodel (= 4.1.16)
      activesupport (= 4.1.16)
      arel (~> 5.0.0)
    activesupport (4.1.16)
      i18n (~> 0.6, >= 0.6.9)
      json (~> 1.7, >= 1.7.7)
      minitest (~> 5.1)
      thread_safe (~> 0.1)
      tzinfo (~> 1.1)
    addressable (2.3.8)
    arbre (1.0.3)
      activesupport (>= 3.0.0)
    archive-tar-minitar (0.5.2)
    arel (5.0.1.20140414130214)
    autoprefixer-rails (5.1.8.1)
      execjs
      json
    backstretch-rails (2.0.4)
      railties (> 3.1)
    bcrypt (3.1.11)
    better_errors (2.1.1)
      coderay (>= 1.0.0)
      erubis (>= 2.6.6)
      rack (>= 0.9.0)
    binding_of_caller (0.7.2)
      debug_inspector (>= 0.0.1)
    bootstrap-sass (3.3.4.1)
      autoprefixer-rails (>= 5.0.0.1)
      sass (>= 3.2.19)
    bootstrap-select-rails (1.6.3)
    bourbon (3.2.4)
      sass (~> 3.2)
      thor
    builder (3.2.2)
    cancan (1.6.10)
    capistrano (3.4.0)
      i18n
      rake (>= 10.0.0)
      sshkit (~> 1.3)
    capistrano-bundler (1.1.4)
      capistrano (~> 3.1)
      sshkit (~> 1.2)
    capistrano-rails (1.1.2)
      capistrano (~> 3.1)
      capistrano-bundler (~> 1.1)
    capistrano-rvm (0.1.2)
      capistrano (~> 3.0)
      sshkit (~> 1.2)
    capybara (2.6.2)
      addressable
      mime-types (>= 1.16)
      nokogiri (>= 1.3.3)
      rack (>= 1.0.0)
      rack-test (>= 0.5.4)
      xpath (~> 2.0)
    celluloid (0.16.0)
      timers (~> 4.0.0)
    cocoon (1.2.6)
    codeclimate-test-reporter (0.4.7)
      simplecov (>= 0.7.1, < 1.0.0)
    coderay (1.1.0)
    coffee-rails (4.0.1)
      coffee-script (>= 2.2.0)
      railties (>= 4.0.0, < 5.0)
    coffee-script (2.3.0)
      coffee-script-source
      execjs
    coffee-script-source (1.9.1)
    colorize (0.7.5)
    connection_pool (2.2.0)
    cookiejar (0.3.2)
    crack (0.4.2)
      safe_yaml (~> 1.0.0)
    d3-rails (3.5.5)
      railties (>= 3.1)
    dalli (2.7.4)
    database_cleaner (1.4.1)
    debug_inspector (0.0.2)
    devise (3.5.10)
      bcrypt (~> 3.0)
      orm_adapter (~> 0.1)
      railties (>= 3.2.6, < 5)
      responders
      thread_safe (~> 0.1)
      warden (~> 1.2.3)
    diff-lcs (1.2.5)
    docile (1.1.5)
    docker-api (1.19.0)
      archive-tar-minitar
      excon (>= 0.38.0)
      json
    domain_name (0.5.24)
      unf (>= 0.0.5, < 1.0.0)
    dotenv (2.0.0)
    dotenv-rails (2.0.0)
      dotenv (= 2.0.0)
    elasticsearch (1.0.8)
      elasticsearch-api (= 1.0.7)
      elasticsearch-transport (= 1.0.7)
    elasticsearch-api (1.0.7)
      multi_json
    elasticsearch-transport (1.0.7)
      faraday
      multi_json
    em-http-request (1.1.2)
      addressable (>= 2.3.4)
      cookiejar
      em-socksify (>= 0.3)
      eventmachine (>= 1.0.3)
      http_parser.rb (>= 0.6.0)
    em-socksify (0.3.0)
      eventmachine (>= 1.0.0.beta.4)
    em-websocket (0.5.1)
      eventmachine (>= 0.12.9)
      http_parser.rb (~> 0.6.0)
    erubis (2.7.0)
    eventmachine (1.0.7)
    excon (0.46.0)
    execjs (2.7.0)
    factory_girl (4.5.0)
      activesupport (>= 3.0.0)
    factory_girl_rails (4.5.0)
      factory_girl (~> 4.5.0)
      railties (>= 3.0.0)
    faraday (0.9.1)
      multipart-post (>= 1.2, < 3)
    faye (1.1.1)
      cookiejar (>= 0.3.0)
      em-http-request (>= 0.3.0)
      eventmachine (>= 0.12.0)
      faye-websocket (>= 0.9.1)
      multi_json (>= 1.0.0)
      rack (>= 1.0.0)
      websocket-driver (>= 0.5.1)
    faye-websocket (0.9.2)
      eventmachine (>= 0.12.0)
      websocket-driver (>= 0.5.1)
    ffi (1.9.8)
    font-awesome-rails (4.3.0.0)
      railties (>= 3.2, < 5.0)
    foreman (0.78.0)
      thor (~> 0.19.1)
    formatador (0.2.5)
    formtastic (3.1.3)
      actionpack (>= 3.2.13)
    formtastic_i18n (0.2.0)
    friendly_id (5.1.0)
      activerecord (>= 4.0.0)
    github-markup (1.3.3)
    grit (2.5.0)
      diff-lcs (~> 1.1)
      mime-types (~> 1.15)
      posix-spawn (~> 0.3.6)
    growl (1.0.3)
    guard (2.12.5)
      formatador (>= 0.2.4)
      listen (~> 2.7)
      lumberjack (~> 1.0)
      nenv (~> 0.1)
      notiffany (~> 0.0)
      pry (>= 0.9.12)
      shellany (~> 0.0)
      thor (>= 0.18.1)
    guard-compat (1.2.1)
    guard-livereload (2.4.0)
      em-websocket (~> 0.5)
      guard (~> 2.8)
      multi_json (~> 1.8)
    guard-rspec (4.5.0)
      guard (~> 2.1)
      guard-compat (~> 1.1)
      rspec (>= 2.99.0, < 4.0)
    haml (4.0.6)
      tilt
    haml-coderay (0.2.0)
      coderay
      haml
    haml-rails (0.9.0)
      actionpack (>= 4.0.1)
      activesupport (>= 4.0.1)
      haml (>= 4.0.6, < 5.0)
      html2haml (>= 1.0.1)
      railties (>= 4.0.1)
    has_scope (0.6.0)
      actionpack (>= 3.2, < 5)
      activesupport (>= 3.2, < 5)
    hashie (3.4.0)
    hike (1.2.3)
    hitimes (1.2.4)
    honeybadger (1.16.7)
      json
    html2haml (2.0.0)
      erubis (~> 2.7.0)
      haml (~> 4.0.0)
      nokogiri (~> 1.6.0)
      ruby_parser (~> 3.5)
    http-cookie (1.0.2)
      domain_name (~> 0.5)
    http_parser.rb (0.6.0)
    i18n (0.7.0)
    inherited_resources (1.6.0)
      actionpack (>= 3.2, < 5)
      has_scope (~> 0.6.0.rc)
      railties (>= 3.2, < 5)
      responders
    interception (0.5)
    jbuilder (1.5.3)
      activesupport (>= 3.0.0)
      multi_json (>= 1.2.0)
    jquery-rails (3.1.3)
      railties (>= 3.0, < 5.0)
      thor (>= 0.14, < 2.0)
    jquery-ui-rails (5.0.3)
      railties (>= 3.2.16)
    json (1.8.3)
    jwt (1.4.1)
    kaminari (0.16.3)
      actionpack (>= 3.0.0)
      activesupport (>= 3.0.0)
    kaminari-bootstrap (3.0.1)
      kaminari (>= 0.13.0)
      rails
    launchy (2.4.3)
      addressable (~> 2.3)
    listen (2.10.0)
      celluloid (~> 0.16.0)
      rb-fsevent (>= 0.9.3)
      rb-inotify (>= 0.9)
    lumberjack (1.0.9)
    mail (2.6.4)
      mime-types (>= 1.16, < 4)
    meta-tags (2.0.0)
      actionpack (>= 3.0.0)
    method_source (0.8.2)
    mime-types (1.25.1)
    mini_portile2 (2.1.0)
    minitest (5.9.0)
    multi_json (1.12.1)
    multi_xml (0.5.5)
    multiblock (0.2.1)
    multipart-post (2.0.0)
    mysql2 (0.3.18)
    nenv (0.2.0)
    net-scp (1.2.1)
      net-ssh (>= 2.6.5)
    net-ssh (2.9.2)
    netrc (0.10.3)
    newrelic_rpm (3.11.1.284)
    nokogiri (1.6.8)
      mini_portile2 (~> 2.1.0)
      pkg-config (~> 1.1.7)
    notiffany (0.0.6)
      nenv (~> 0.1)
      shellany (~> 0.0)
    oauth2 (1.0.0)
      faraday (>= 0.8, < 0.10)
      jwt (~> 1.0)
      multi_json (~> 1.3)
      multi_xml (~> 0.5)
      rack (~> 1.2)
    octokit (4.0.0)
      sawyer (~> 0.6.0, >= 0.5.3)
    omniauth (1.2.2)
      hashie (>= 1.2, < 4)
      rack (~> 1.0)
    omniauth-github (1.1.2)
      omniauth (~> 1.0)
      omniauth-oauth2 (~> 1.1)
    omniauth-oauth2 (1.2.0)
      faraday (>= 0.8, < 0.10)
      multi_json (~> 1.3)
      oauth2 (~> 1.0)
      omniauth (~> 1.2)
    openaustralia-sqlite3 (1.0.0)
    orm_adapter (0.5.0)
    pkg-config (1.1.7)
    polyamorous (1.1.0)
      activerecord (>= 3.0)
    posix-spawn (0.3.10)
    pry (0.10.1)
      coderay (~> 1.1.0)
      method_source (~> 0.8.1)
      slop (~> 3.4)
    pry-rails (0.3.4)
      pry (>= 0.9.10)
    pry-remote (0.1.8)
      pry (~> 0.9)
      slop (~> 3.0)
    pry-rescue (1.4.2)
      interception (>= 0.5)
      pry
    pry-stack_explorer (0.4.9.2)
      binding_of_caller (>= 0.7)
      pry (>= 0.9.11)
    puma (2.11.1)
      rack (>= 1.1, < 2.0)
    rack (1.5.5)
    rack-livereload (0.3.15)
      rack
    rack-mini-profiler (0.9.3)
      rack (>= 1.1.3)
    rack-protection (1.5.3)
      rack
    rack-test (0.6.3)
      rack (>= 1.0)
    rails (4.1.16)
      actionmailer (= 4.1.16)
      actionpack (= 4.1.16)
      actionview (= 4.1.16)
      activemodel (= 4.1.16)
      activerecord (= 4.1.16)
      activesupport (= 4.1.16)
      bundler (>= 1.3.0, < 2.0)
      railties (= 4.1.16)
      sprockets-rails (~> 2.0)
    rails-timeago (2.11.1)
      actionpack (>= 3.1)
      activesupport (>= 3.1)
    rails_autolink (1.1.6)
      rails (> 3.1)
    railties (4.1.16)
      actionpack (= 4.1.16)
      activesupport (= 4.1.16)
      rake (>= 0.8.7)
      thor (>= 0.18.1, < 2.0)
    rake (11.2.2)
    ransack (1.6.5)
      actionpack (>= 3.0)
      activerecord (>= 3.0)
      activesupport (>= 3.0)
      i18n
      polyamorous (~> 1.1)
    rb-fsevent (0.9.4)
    rb-inotify (0.9.5)
      ffi (>= 0.5.0)
    rdoc (4.2.0)
      json (~> 1.4)
    redcarpet (3.3.2)
    redis (3.2.2)
    redis-namespace (1.5.2)
      redis (~> 3.0, >= 3.0.4)
    responders (1.1.2)
      railties (>= 3.2, < 4.2)
    rest-client (1.8.0)
      http-cookie (>= 1.0.2, < 2.0)
      mime-types (>= 1.16, < 3.0)
      netrc (~> 0.7)
    rspec (3.3.0)
      rspec-core (~> 3.3.0)
      rspec-expectations (~> 3.3.0)
      rspec-mocks (~> 3.3.0)
    rspec-activemodel-mocks (1.0.1)
      activemodel (>= 3.0)
      activesupport (>= 3.0)
      rspec-mocks (>= 2.99, < 4.0)
    rspec-core (3.3.1)
      rspec-support (~> 3.3.0)
    rspec-expectations (3.3.0)
      diff-lcs (>= 1.2.0, < 2.0)
      rspec-support (~> 3.3.0)
    rspec-mocks (3.3.1)
      diff-lcs (>= 1.2.0, < 2.0)
      rspec-support (~> 3.3.0)
    rspec-rails (3.3.2)
      actionpack (>= 3.0, < 4.3)
      activesupport (>= 3.0, < 4.3)
      railties (>= 3.0, < 4.3)
      rspec-core (~> 3.3.0)
      rspec-expectations (~> 3.3.0)
      rspec-mocks (~> 3.3.0)
      rspec-support (~> 3.3.0)
    rspec-support (3.3.0)
    ruby_parser (3.6.5)
      sexp_processor (~> 4.1)
    safe_yaml (1.0.4)
    sass (3.2.19)
    sass-rails (4.0.4)
      railties (>= 4.0.0, < 5.0)
      sass (~> 3.2.2)
      sprockets (~> 2.8, < 2.12)
      sprockets-rails (~> 2.0)
    sawyer (0.6.0)
      addressable (~> 2.3.5)
      faraday (~> 0.8, < 0.10)
    scrub_rb (1.0.1)
    sdoc (0.4.1)
      json (~> 1.7, >= 1.7.7)
      rdoc (~> 4.0)
    searchkick (0.8.7)
      activemodel
      elasticsearch (>= 1)
      hashie
    sexp_processor (4.5.0)
    shellany (0.0.1)
    sidekiq (3.4.2)
      celluloid (~> 0.16.0)
      connection_pool (~> 2.2, >= 2.2.0)
      json (~> 1.0)
      redis (~> 3.2, >= 3.2.1)
      redis-namespace (~> 1.5, >= 1.5.2)
    sidekiq-limit_fetch (2.4.1)
      sidekiq (>= 2.6.5, < 4.0)
    sidekiq-unique-jobs (3.0.15)
      sidekiq (>= 2.6)
    simple_form (3.1.0)
      actionpack (~> 4.0)
      activemodel (~> 4.0)
    simplecov (0.9.2)
      docile (~> 1.1.0)
      multi_json (~> 1.0)
      simplecov-html (~> 0.9.0)
    simplecov-html (0.9.0)
    sinatra (1.4.6)
      rack (~> 1.4)
      rack-protection (~> 1.4)
      tilt (>= 1.3, < 3)
    sitemap_generator (5.0.5)
      builder
    skylight (0.10.3)
      activesupport (>= 3.0.0)
    slop (3.6.0)
    spring (1.3.4)
    spring-commands-rspec (1.0.4)
      spring (>= 0.9.1)
    sprockets (2.11.3)
      hike (~> 1.2)
      multi_json (~> 1.0)
      rack (~> 1.0)
      tilt (~> 1.1, != 1.3.0)
    sprockets-rails (2.3.3)
      actionpack (>= 3.0)
      activesupport (>= 3.0)
      sprockets (>= 2.8, < 4.0)
    sshkit (1.7.1)
      colorize (>= 0.7.0)
      net-scp (>= 1.1.2)
      net-ssh (>= 2.8.0)
    stripe (1.22.0)
      json (~> 1.8.1)
      rest-client (~> 1.4)
    sync (0.3.5)
      em-http-request
    thor (0.19.1)
    thread_safe (0.3.5)
    tilt (1.4.1)
    timers (4.0.4)
      hitimes
    tzinfo (1.2.2)
      thread_safe (~> 0.1)
    uglifier (3.0.0)
      execjs (>= 0.3.0, < 3)
    unf (0.1.4)
      unf_ext
    unf_ext (0.0.7.1)
    validate_url (1.0.2)
      activemodel (>= 3.0.0)
      addressable
    vcr (2.9.3)
    warden (1.2.6)
      rack (>= 1.0)
    webmock (1.21.0)
      addressable (>= 2.3.6)
      crack (>= 0.3.2)
    websocket-driver (0.5.4)
      websocket-extensions (>= 0.1.0)
    websocket-extensions (0.1.2)
    xpath (2.0.0)
      nokogiri (~> 1.3)
    zeroclipboard-rails (0.1.0)
      railties (>= 3.1)

PLATFORMS
  ruby

DEPENDENCIES
  RedCloth
  activeadmin!
  archive-tar-minitar
  backstretch-rails
  better_errors
  binding_of_caller
  bootstrap-sass
  bootstrap-select-rails
  cancan
  capistrano-rails
  capistrano-rvm
  capybara
  cocoon
  codeclimate-test-reporter
  coffee-rails (~> 4.0.0)
  d3-rails
  dalli
  database_cleaner
  devise (< 4)
  docker-api (< 1.20.0)
  dotenv-rails
  excon (= 0.46.0)
  factory_girl_rails (~> 4.0)
  faraday
  faye
  font-awesome-rails
  foreman
  friendly_id
  github-markup
  grit
  growl
  guard
  guard-livereload
  guard-rspec
  haml-coderay
  haml-rails
  honeybadger (~> 1.0)
  jbuilder (~> 1.2)
  jquery-rails
  kaminari
  kaminari-bootstrap (~> 3.0.1)
  launchy
  meta-tags
  multiblock
  mysql2
  newrelic_rpm
  nokogiri
  octokit (~> 4.0)
  omniauth-github
  openaustralia-sqlite3
  pry-rails
  pry-remote
  pry-rescue
  pry-stack_explorer
  puma
  rack-livereload
  rack-mini-profiler
  rails (= 4.1.16)
  rails-timeago (~> 2.0)
  rails_autolink
  redcarpet
  redis (= 3.2.2)
  rest-client
  rspec-activemodel-mocks
  rspec-rails
  sass-rails (~> 4.0.0)
  scrub_rb
  sdoc
  searchkick
  sidekiq (< 4)
  sidekiq-limit_fetch
  sidekiq-unique-jobs
  simple_form
  simplecov
  sinatra (>= 1.3.0)
  sitemap_generator
  skylight
  spring
  spring-commands-rspec
  stripe
  sync
  uglifier (>= 1.3.0)
  validate_url
  vcr
  webmock
  zeroclipboard-rails

BUNDLED WITH
   1.12.5
