GIT
  remote: https://github.com/openaustralia/scraperwiki-ruby.git
  revision: fc50176812505e463077d5c673d504a6a234aa78
  branch: morph_defaults
  specs:
    scraperwiki (3.0.1)
      httpclient
      sqlite_magic

GEM
  remote: https://rubygems.org/
  specs:
    Ascii85 (1.0.1)
    aasm (3.0.8)
    active_record_inline_schema (0.5.7)
      activerecord (>= 3)
      activesupport
    activemodel (3.2.6)
      activesupport (= 3.2.6)
      builder (~> 3.0.0)
    activerecord (3.2.6)
      activemodel (= 3.2.6)
      activesupport (= 3.2.6)
      arel (~> 3.0.2)
      tzinfo (~> 0.3.29)
    activeresource (3.2.6)
      activemodel (= 3.2.6)
      activesupport (= 3.2.6)
    activesupport (3.2.6)
      i18n (~> 0.6)
      multi_json (~> 1.0)
    addressable (2.2.7)
    alchemy_api (0.1.2)
      monster_mash (>= 0.1.1)
    arel (3.0.2)
    awesome_print (1.0.2)
    aws-sdk (1.6.1)
      httparty (~> 0.7)
      json (~> 1.4)
      nokogiri (>= 1.4.4)
      uuidtools (~> 2.1)
    builder (3.0.0)
    choice (0.1.4)
    chronic (0.6.7)
    data_miner (2.3.4)
      aasm
      active_record_inline_schema (>= 0.5.6)
      activerecord (>= 2.3.4)
      activesupport (>= 2.3.4)
      errata (>= 1.0.1)
      remote_table (>= 2.0.2)
      upsert (>= 0.3.1)
    domain_name (0.5.2)
      unf (~> 0.0.3)
    errata (1.1.1)
      activesupport (>= 2.3.4)
      remote_table (>= 1.1.7)
      to_regexp (>= 0.0.2)
    faraday (0.8.1)
      multipart-post (~> 1.1)
    fast-stemmer (1.0.1)
    fastercsv (1.5.4)
    fixed_width-multibyte (0.2.3)
      activesupport
    fletcher (0.4.1)
      hashie
      money
      nokogiri
    gdata (1.1.2)
    google-spreadsheet-ruby (0.1.8)
      nokogiri (>= 1.4.3.1)
      oauth (>= 0.3.6)
      oauth2 (>= 0.5.0)
    google_drive (0.3.1)
      nokogiri (>= 1.4.4, != 1.5.2, != 1.5.1)
      oauth (>= 0.3.6)
      oauth2 (>= 0.5.0)
    hash_digest (1.0.0)
      activesupport
    hashie (1.2.0)
    highrise (3.0.3)
      activeresource (~> 3.0)
    hpricot (0.8.4)
    htmlentities (4.3.1)
    httparty (0.8.3)
      multi_json (~> 1.0)
      multi_xml
    httpauth (0.1)
    httpclient (2.2.4)
    i18n (0.6.0)
    json (1.6.5)
    jwt (0.1.4)
      json (>= 1.2.4)
    libxml-ruby (2.8.0)
    log4r (1.1.9)
    mechanize (2.5.1)
      domain_name (~> 0.5, >= 0.5.1)
      mime-types (~> 1.17, >= 1.17.2)
      net-http-digest_auth (~> 1.1, >= 1.1.1)
      net-http-persistent (~> 2.5, >= 2.5.2)
      nokogiri (~> 1.4)
      ntlm-http (~> 0.1, >= 0.1.1)
      webrobots (~> 0.0, >= 0.0.9)
    mime-types (1.17.2)
    money (5.0.0)
      i18n (~> 0.4)
      json
    monster_mash (0.3.0)
      typhoeus (>= 0.3.3)
      typhoeus (>= 0.3.3)
    multi_json (1.1.0)
    multi_xml (0.5.1)
    multipart-post (1.1.5)
    net-http-digest_auth (1.1.1)
    net-http-persistent (2.5.2)
    nokogiri (1.5.0)
    ntlm-http (0.1.1)
    oauth (0.4.5)
    oauth2 (0.5.2)
      faraday (~> 0.7)
      multi_json (~> 1.0)
    pdf-reader (1.0.0)
      Ascii85 (~> 1.0.0)
      ruby-rc4
    pismo (0.7.2)
      awesome_print
      chronic
      fast-stemmer
      nokogiri
      sanitize
      shoulda
    polylines (0.1.0)
    posix-spawn (0.3.6)
    rack (1.4.1)
    remote_table (2.0.2)
      activesupport (>= 2.3.4)
      fastercsv (>= 1.5.0)
      fixed_width-multibyte (>= 0.2.3)
      hash_digest
      i18n
      roo (>= 1.9)
      unix_utils (>= 0.0.8)
    rfgraph (0.3)
      json (>= 1.2.4)
    roo (1.10.0)
      choice (>= 0.1.4)
      google-spreadsheet-ruby (>= 0.1.5)
      nokogiri (>= 1.5.0)
      spreadsheet (> 0.6.4)
      todonotes (>= 0.1.0)
    ruby-ole (1.2.11.2)
    ruby-rc4 (0.1.5)
    rubyzip (0.9.4)
    sanitize (2.0.3)
      nokogiri (>= 1.4.4, < 1.6)
    shoulda (3.0.1)
      shoulda-context (~> 1.0.0)
      shoulda-matchers (~> 1.0.0)
    shoulda-context (1.0.0)
    shoulda-matchers (1.0.0)
    simple_oauth (0.2.0)
    sinew (1.0.3)
      activesupport
      awesome_print
      htmlentities
      nokogiri
      stringex
      trollop
    spreadsheet (0.6.5.7)
      ruby-ole (>= 1.0)
    sqlite3 (1.3.9)
    sqlite_magic (0.0.3)
      sqlite3
    stackdeck (0.2.0)
    stringex (1.4.0)
    tmail (1.2.7.1)
    to_regexp (0.1.1)
    todonotes (0.1.0)
      log4r
    trollop (1.16.2)
    twitter (4.5.0)
      faraday (~> 0.8, < 0.10)
      multi_json (~> 1.0)
      simple_oauth (~> 0.2)
    typhoeus (0.3.3)
      mime-types
    tzinfo (0.3.33)
    unf (0.0.4)
      unf_ext
    unf_ext (0.0.4)
    unix_utils (0.0.14)
      posix-spawn
    upsert (0.3.4)
    uuidtools (2.1.3)
    webrobots (0.0.12)
      nokogiri (>= 1.4.4)

PLATFORMS
  ruby

DEPENDENCIES
  Ascii85 (= 1.0.1)
  aasm (= 3.0.8)
  active_record_inline_schema (= 0.5.7)
  activemodel (= 3.2.6)
  activerecord (= 3.2.6)
  activeresource (= 3.2.6)
  activesupport (= 3.2.6)
  addressable (= 2.2.7)
  alchemy_api (= 0.1.2)
  arel (= 3.0.2)
  awesome_print (= 1.0.2)
  aws-sdk (= 1.6.1)
  builder (= 3.0.0)
  choice (= 0.1.4)
  chronic (= 0.6.7)
  data_miner (= 2.3.4)
  domain_name (= 0.5.2)
  errata (= 1.1.1)
  faraday (= 0.8.1)
  fast-stemmer (= 1.0.1)
  fastercsv (= 1.5.4)
  fixed_width-multibyte (= 0.2.3)
  fletcher (= 0.4.1)
  gdata (= 1.1.2)
  google-spreadsheet-ruby (= 0.1.8)
  google_drive (= 0.3.1)
  hash_digest (= 1.0.0)
  hashie (= 1.2.0)
  highrise (= 3.0.3)
  hpricot (= 0.8.4)
  htmlentities (= 4.3.1)
  httparty (= 0.8.3)
  httpauth (= 0.1)
  httpclient (= 2.2.4)
  i18n (= 0.6.0)
  json (= 1.6.5)
  jwt (= 0.1.4)
  libxml-ruby (= 2.8.0)
  log4r (= 1.1.9)
  mechanize (= 2.5.1)
  mime-types (= 1.17.2)
  money (= 5.0.0)
  monster_mash (= 0.3.0)
  multi_json (= 1.1.0)
  multi_xml (= 0.5.1)
  multipart-post (= 1.1.5)
  net-http-digest_auth (= 1.1.1)
  net-http-persistent (= 2.5.2)
  nokogiri (= 1.5.0)
  ntlm-http (= 0.1.1)
  oauth (= 0.4.5)
  oauth2 (= 0.5.2)
  pdf-reader (= 1.0.0)
  pismo (= 0.7.2)
  polylines (= 0.1.0)
  posix-spawn (= 0.3.6)
  rack (= 1.4.1)
  remote_table (= 2.0.2)
  rfgraph (= 0.3)
  roo (= 1.10.0)
  ruby-ole (= 1.2.11.2)
  ruby-rc4 (= 0.1.5)
  rubyzip (= 0.9.4)
  sanitize (= 2.0.3)
  scraperwiki!
  shoulda (= 3.0.1)
  shoulda-context (= 1.0.0)
  shoulda-matchers (= 1.0.0)
  simple_oauth (= 0.2.0)
  sinew (= 1.0.3)
  spreadsheet (= 0.6.5.7)
  stackdeck (= 0.2.0)
  stringex (= 1.4.0)
  tmail (= 1.2.7.1)
  to_regexp (= 0.1.1)
  todonotes (= 0.1.0)
  trollop (= 1.16.2)
  twitter (= 4.5.0)
  typhoeus (= 0.3.3)
  tzinfo (= 0.3.33)
  unf (= 0.0.4)
  unf_ext (= 0.0.4)
  unix_utils (= 0.0.14)
  upsert (= 0.3.4)
  uuidtools (= 2.1.3)
  webrobots (= 0.0.12)
